GIT
  remote: https://github.com/iwag/search-nicovideo-rb.git
  revision: 3e70d208b510831a68130f2e8752698319c3a8d0
  specs:
    search-nicovideo-rb (0.1.0)

GEM
  remote: https://rubygems.org/
  specs:
    builder (3.2.2)
    rack (1.6.0)
    rack-protection (1.5.3)
      rack
    redis (3.2.0)
    sinatra (1.4.5)
      rack (~> 1.4)
      rack-protection (~> 1.4)
      tilt (~> 1.3, >= 1.3.4)
    tilt (1.4.1)

PLATFORMS
  ruby

DEPENDENCIES
  builder
  redis
  search-nicovideo-rb!
  sinatra
